PATH
  remote: .
  specs:
    swissmedic-diff (0.2)
      spreadsheet

GEM
  remote: https://rubygems.org/
  specs:
    ansi (1.4.3)
    builder (3.2.2)
    hashie (2.0.5)
    hoe (3.7.1)
      rake (>= 0.8, < 11.0)
    minitest (4.7.5)
    minitest-reporters (0.14.23)
      ansi
      builder
      minitest (>= 2.12, < 5.0)
      powerbar
    powerbar (1.0.11)
      ansi (~> 1.4.0)
      hashie (>= 1.1.0)
    rake (10.1.0)
    ruby-ole (1.2.11.7)
    spreadsheet (0.9.0)
      ruby-ole (>= 1.0)

PLATFORMS
  ruby

DEPENDENCIES
  hoe
  minitest
  minitest-reporters
  rake
  swissmedic-diff!
